RESTRICTION: == netstandard2.1
NUGET
  remote: https://api.nuget.org/v3/index.json
    Be.Vlaanderen.Basisregisters.AggregateSource (9.0.1)
      Be.Vlaanderen.Basisregisters.Utilities.HashCodeCalculator (>= 4.0)
      Be.Vlaanderen.Basisregisters.Utilities.HexByteConvertor (>= 4.0)
      Be.Vlaanderen.Basisregisters.Utilities.ToStringBuilder (>= 4.0)
      Newtonsoft.Json (>= 13.0.3)
      NodaTime (>= 3.1.11)
    Be.Vlaanderen.Basisregisters.Build.Pipeline (7.0.4)
    Be.Vlaanderen.Basisregisters.Converters.TrimString (4.0)
      Newtonsoft.Json (>= 13.0.3)
    Be.Vlaanderen.Basisregisters.EventHandling (5.0)
      Be.Vlaanderen.Basisregisters.Converters.TrimString (>= 4.0)
      Newtonsoft.Json (>= 13.0.3)
      NodaTime.Serialization.JsonNet (>= 3.1)
    Be.Vlaanderen.Basisregisters.Utilities.HashCodeCalculator (4.0)
    Be.Vlaanderen.Basisregisters.Utilities.HexByteConvertor (4.0)
    Be.Vlaanderen.Basisregisters.Utilities.ToStringBuilder (4.0)
    FluentAssertions (6.12)
    Microsoft.NET.Test.Sdk (17.9)
    Newtonsoft.Json (13.0.3)
    NodaTime (3.1.11)
      System.Runtime.CompilerServices.Unsafe (>= 4.7.1)
    NodaTime.Serialization.JsonNet (3.1)
      Newtonsoft.Json (>= 13.0.3)
      NodaTime (>= 3.0 < 4.0)
    SourceLink.Copy.PdbFiles (2.8.3) - copy_local: true
    SourceLink.Embed.AllSourceFiles (2.8.3) - copy_local: true
    System.Runtime.CompilerServices.Unsafe (6.0)
    xunit (2.7)
      xunit.analyzers (>= 1.11)
      xunit.assert (>= 2.7)
      xunit.core (2.7)
    xunit.abstractions (2.0.3)
    xunit.analyzers (1.11)
    xunit.assert (2.7)
    xunit.core (2.7)
      xunit.extensibility.core (2.7)
      xunit.extensibility.execution (2.7)
    xunit.extensibility.core (2.7)
      xunit.abstractions (>= 2.0.3)
    xunit.extensibility.execution (2.7)
      xunit.extensibility.core (2.7)
    xunit.runner.visualstudio (2.5.7)
